GEM
  remote: https://rubygems.org/
  specs:
    fluiddb2 (0.0.5)
    pg (0.18.4)
    rack (1.6.4)
    rack-protection (1.5.3)
      rack
    sinatra (1.4.7)
      rack (~> 1.5)
      rack-protection (~> 1.4)
      tilt (>= 1.3, < 3)
    tilt (2.0.5)

PLATFORMS
  ruby

DEPENDENCIES
  fluiddb2
  pg
  sinatra

BUNDLED WITH
   1.12.5
